GEM
  remote: https://rubygems.org/
  specs:
    cpf_cnpj (0.5.0)
    mini_portile2 (2.4.0)
    nokogiri (1.10.9)
      mini_portile2 (~> 2.4.0)
    os (1.0.1)

PLATFORMS
  ruby

DEPENDENCIES
  cpf_cnpj
  nokogiri
  os

BUNDLED WITH
   2.1.4
